GEM
  remote: http://rubygems.org/
  specs:
    addressable (2.3.2)
    alf-core (0.16.3)
      domain (~> 1.0)
      myrrha (~> 3.0)
      path (~> 1.3)
      sexpr (~> 0.6.0)
    backports (2.6.7)
    bluecloth (2.2.0)
    citrus (2.4.1)
    diff-lcs (1.1.3)
    domain (1.0.0)
    http (0.0.2)
    json (1.7.6)
    launchy (2.1.2)
      addressable (~> 2.3)
    myrrha (3.0.0)
      domain (~> 1.0)
    path (1.3.3)
    quickl (0.4.3)
    rack (1.5.2)
    rack-protection (1.5.3)
      rack
    rake (10.0.3)
    rspec (2.12.0)
      rspec-core (~> 2.12.0)
      rspec-expectations (~> 2.12.0)
      rspec-mocks (~> 2.12.0)
    rspec-core (2.12.2)
    rspec-expectations (2.12.1)
      diff-lcs (~> 1.1.3)
    rspec-mocks (2.12.1)
    sexpr (0.6.0)
    sinatra (1.4.5)
      rack (~> 1.4)
      rack-protection (~> 1.4)
      tilt (~> 1.3, >= 1.3.4)
    temple (0.4.1)
    tilt (1.4.1)
    wlang (2.1.1)
      backports (~> 2.6)
      citrus (~> 2.4.1)
      path (~> 1.3)
      quickl (~> 0.4.3)
      temple (~> 0.4.0)
    yard (0.7.5)

PLATFORMS
  ruby

DEPENDENCIES
  alf-core (~> 0.16)
  bluecloth (~> 2.2)
  bundler (~> 1.0)
  http (~> 0.0.1)
  json
  launchy (~> 2.0)
  path (~> 1.3)
  quickl (~> 0.4.2)
  rake (~> 10.0)
  rspec (~> 2.10)
  sinatra (~> 1.4)
  wlang (~> 2.1)
  yard (~> 0.7.2)
