GIT
  remote: https://github.com/eregon/epath.git
  revision: aaa41ce6cc35e0ba52815c135532844a4c6ba44c
  specs:
    epath (0.0.2)

GEM
  remote: http://rubygems.org/
  specs:
    bluecloth (2.2.0)
    diff-lcs (1.1.3)
    json (1.6.4)
    rack (1.4.0)
    rack-protection (1.2.0)
      rack
    rake (0.9.2.2)
    rspec (2.7.0)
      rspec-core (~> 2.7.0)
      rspec-expectations (~> 2.7.0)
      rspec-mocks (~> 2.7.0)
    rspec-core (2.7.1)
    rspec-expectations (2.7.0)
      diff-lcs (~> 1.1.2)
    rspec-mocks (2.7.0)
    sinatra (1.3.2)
      rack (~> 1.3, >= 1.3.6)
      rack-protection (~> 1.2)
      tilt (~> 1.3, >= 1.3.3)
    tilt (1.3.3)
    wlang (0.10.2)
    yard (0.7.4)

PLATFORMS
  ruby

DEPENDENCIES
  bluecloth (~> 2.2.0)
  bundler (~> 1.0)
  epath!
  json
  rake (~> 0.9.2)
  rspec (~> 2.7.0)
  sinatra (~> 1.3.1)
  wlang (~> 0.10.2)
  yard (~> 0.7.2)
