GEM
  remote: http://rubygems.org/
  specs:
    alf (0.12.2)
      backports (~> 2.6)
      myrrha (~> 1.2.1)
      quickl (~> 0.4.2)
    backports (2.6.1)
    bluecloth (2.2.0)
    citrus (2.4.1)
    diff-lcs (1.1.3)
    json (1.7.3)
    myrrha (1.2.2)
    path (1.3.1)
    quickl (0.4.3)
    rack (1.4.4)
    rack-protection (1.3.2)
      rack
    rake (0.9.2.2)
    rspec (2.10.0)
      rspec-core (~> 2.10.0)
      rspec-expectations (~> 2.10.0)
      rspec-mocks (~> 2.10.0)
    rspec-core (2.10.1)
    rspec-expectations (2.10.0)
      diff-lcs (~> 1.1.3)
    rspec-mocks (2.10.1)
    sinatra (1.3.3)
      rack (~> 1.3, >= 1.3.6)
      rack-protection (~> 1.2)
      tilt (~> 1.3, >= 1.3.3)
    temple (0.4.1)
    tilt (1.3.3)
    wlang (2.1.1)
      backports (~> 2.6)
      citrus (~> 2.4.1)
      path (~> 1.3)
      quickl (~> 0.4.3)
      temple (~> 0.4.0)
    yard (0.7.5)

PLATFORMS
  ruby

DEPENDENCIES
  alf (~> 0.12.2)
  bluecloth (~> 2.2)
  bundler (~> 1.0)
  json
  path (~> 1.3.1)
  quickl (~> 0.4.2)
  rake (~> 0.9.2)
  rspec (~> 2.10)
  sinatra (~> 1.3)
  wlang (~> 2.1.1)
  yard (~> 0.7.2)
