PATH
  remote: ../sinatra
  specs:
    sinatra (1.4.0)
      rack (~> 1.3, >= 1.3.6)
      rack-protection (~> 1.2)
      tilt (~> 1.3, >= 1.3.3)

PATH
  remote: ../wlang
  specs:
    wlang (2.0.0.beta)
      awesome_print (~> 1.0.2)
      backports (~> 2.6.1)
      citrus (~> 2.4.1)
      quickl (~> 0.4.3)
      temple (~> 0.4.0)

GEM
  remote: http://rubygems.org/
  specs:
    awesome_print (1.0.2)
    backports (2.6.1)
    bluecloth (2.2.0)
    citrus (2.4.1)
    diff-lcs (1.1.3)
    epath (0.2.0)
    json (1.7.3)
    quickl (0.4.3)
    rack (1.4.1)
    rack-protection (1.2.0)
      rack
    rake (0.9.2.2)
    rspec (2.10.0)
      rspec-core (~> 2.10.0)
      rspec-expectations (~> 2.10.0)
      rspec-mocks (~> 2.10.0)
    rspec-core (2.10.1)
    rspec-expectations (2.10.0)
      diff-lcs (~> 1.1.3)
    rspec-mocks (2.10.1)
    temple (0.4.0)
    tilt (1.3.3)
    yard (0.7.5)

PLATFORMS
  ruby

DEPENDENCIES
  bluecloth (~> 2.2)
  bundler (~> 1.0)
  epath (~> 0.2.0)
  json
  rake (~> 0.9.2)
  rspec (~> 2.10)
  sinatra!
  wlang!
  yard (~> 0.7.2)
