GIT
  remote: git://github.com/alf-tool/alf
  revision: e75c4d37a9c116d18f8ed0240364b2558e1f78f6
  specs:
    alf (0.13.0)
      backports (~> 2.6)
      domain (~> 1.0.0.rc4)
      myrrha (~> 3.0.0.rc7)
      path (~> 1.3)
      quickl (~> 0.4.3)
      sexpr (~> 0.5.1)

GEM
  remote: http://rubygems.org/
  specs:
    backports (2.6.7)
    bluecloth (2.2.0)
    citrus (2.4.1)
    diff-lcs (1.1.3)
    domain (1.0.0.rc4)
    json (1.7.6)
    myrrha (3.0.0.rc7)
      domain (~> 1.0.0.rc3)
    path (1.3.1)
    quickl (0.4.3)
    rack (1.4.4)
    rack-protection (1.3.2)
      rack
    rake (0.9.6)
    rspec (2.12.0)
      rspec-core (~> 2.12.0)
      rspec-expectations (~> 2.12.0)
      rspec-mocks (~> 2.12.0)
    rspec-core (2.12.2)
    rspec-expectations (2.12.1)
      diff-lcs (~> 1.1.3)
    rspec-mocks (2.12.1)
    sexpr (0.5.1)
    sinatra (1.3.3)
      rack (~> 1.3, >= 1.3.6)
      rack-protection (~> 1.2)
      tilt (~> 1.3, >= 1.3.3)
    temple (0.4.1)
    tilt (1.3.3)
    wlang (2.1.1)
      backports (~> 2.6)
      citrus (~> 2.4.1)
      path (~> 1.3)
      quickl (~> 0.4.3)
      temple (~> 0.4.0)
    yard (0.7.5)

PLATFORMS
  ruby

DEPENDENCIES
  alf!
  bluecloth (~> 2.2)
  bundler (~> 1.0)
  json
  path (~> 1.3.1)
  quickl (~> 0.4.2)
  rake (~> 0.9.2)
  rspec (~> 2.10)
  sinatra (~> 1.3)
  wlang (~> 2.1.1)
  yard (~> 0.7.2)
