GIT
  remote: git://github.com/blambeau/wlang
  revision: 33d07a38bd8d7de74804e52cc2ebbdccebb831e2
  branch: wlang2
  specs:
    wlang (2.1.0)
      awesome_print (~> 1.0.2)
      backports (~> 2.6)
      citrus (~> 2.4.1)
      epath (>= 0.2)
      quickl (~> 0.4.3)
      temple (~> 0.4.0)

GIT
  remote: git://github.com/sinatra/sinatra
  revision: 8752085a05c33edd13d3ec8d3187d1406456d404
  specs:
    sinatra (1.4.0)
      rack (~> 1.3, >= 1.3.6)
      rack-protection (~> 1.2)
      tilt (~> 1.3, >= 1.3.3)

GEM
  remote: http://rubygems.org/
  specs:
    alf (0.12.2)
      backports (~> 2.6)
      myrrha (~> 1.2.1)
      quickl (~> 0.4.2)
    awesome_print (1.0.2)
    backports (2.6.1)
    bluecloth (2.2.0)
    citrus (2.4.1)
    diff-lcs (1.1.3)
    epath (0.3.0)
    json (1.7.3)
    myrrha (1.2.2)
    quickl (0.4.3)
    rack (1.4.1)
    rack-protection (1.2.0)
      rack
    rake (0.9.2.2)
    rspec (2.10.0)
      rspec-core (~> 2.10.0)
      rspec-expectations (~> 2.10.0)
      rspec-mocks (~> 2.10.0)
    rspec-core (2.10.1)
    rspec-expectations (2.10.0)
      diff-lcs (~> 1.1.3)
    rspec-mocks (2.10.1)
    temple (0.4.0)
    tilt (1.3.3)
    yard (0.7.5)

PLATFORMS
  ruby

DEPENDENCIES
  alf (~> 0.12.2)
  bluecloth (~> 2.2)
  bundler (~> 1.0)
  json
  quickl (~> 0.4.2)
  rake (~> 0.9.2)
  rspec (~> 2.10)
  sinatra!
  wlang!
  yard (~> 0.7.2)
